GEM
  remote: http://rubygems.org/
  specs:
    mustermann (1.0.2)
    nio4r (2.5.2)
    puma (4.3.9)
      nio4r (~> 2.0)
    rack (2.0.7)
    rack-protection (2.0.3)
      rack
    rake (12.3.1)
    shotgun (0.9.2)
      rack (>= 1.0)
    sinatra (2.0.3)
      mustermann (~> 1.0)
      rack (~> 2.0)
      rack-protection (= 2.0.3)
      tilt (~> 2.0)
    tilt (2.0.8)

PLATFORMS
  ruby

DEPENDENCIES
  puma
  rack (>= 2.0.6)
  rake
  shotgun
  sinatra
